GEM
  remote: https://rubygems.org/
  specs:
    backports (3.15.0)
    celluloid (0.16.0)
      timers (~> 4.0.0)
    childprocess (2.0.0)
      rake (< 13.0)
    choice (0.2.0)
    erubis (2.7.0)
    ffi (1.11.1-java)
    hitimes (1.3.1-java)
    httpclient (2.8.3)
    ltsv (0.1.2)
    mizuno (0.6.11)
      childprocess (>= 0.2.6)
      choice (>= 0.1.0)
      ffi (>= 1.0.0)
      rack (>= 1.0.0)
    msgpack (1.3.1-java)
    msgpack-rpc-over-http (0.1.0)
      celluloid (~> 0.16.0)
      httpclient
      msgpack (>= 0.5.11)
      rack
    multi_json (1.13.1)
    mustermann (1.0.3)
    norikra (1.5.1-java)
      erubis
      mizuno (>= 0.6.10)
      msgpack-rpc-over-http (~> 0.1.0)
      norikra-client (~> 1.4.0)
      rack
      sinatra
      sinatra-contrib
      thor
    norikra-client (1.4.0)
      ltsv
      msgpack-rpc-over-http (~> 0.1.0)
      thor
    rack (2.0.7)
    rack-protection (2.0.7)
      rack
    rake (12.3.3)
    sinatra (2.0.7)
      mustermann (~> 1.0)
      rack (~> 2.0)
      rack-protection (= 2.0.7)
      tilt (~> 2.0)
    sinatra-contrib (2.0.7)
      backports (>= 2.8.2)
      multi_json
      mustermann (~> 1.0)
      rack-protection (= 2.0.7)
      sinatra (= 2.0.7)
      tilt (~> 2.0)
    thor (0.20.3)
    tilt (2.0.9)
    timers (4.0.4)
      hitimes

PLATFORMS
  java

DEPENDENCIES
  norikra

BUNDLED WITH
   2.0.2
