GEM
  remote: https://rubygems.org/
  specs:
    celluloid (0.16.0)
      timers (~> 4.0.0)
    concurrent-ruby (1.1.5)
    cool.io (1.5.4)
    dig_rb (1.0.1)
    fluent-plugin-insert-id (1.1.0)
      fluentd (>= 0.14.10, < 2)
    fluent-plugin-norikra (0.4.3)
      fluentd
      norikra-client (>= 1.4.0)
      rack (~> 1.6)
    fluentd (1.7.1)
      cool.io (>= 1.4.5, < 2.0.0)
      dig_rb (~> 1.0.0)
      http_parser.rb (>= 0.5.1, < 0.7.0)
      msgpack (>= 1.2.0, < 2.0.0)
      serverengine (>= 2.0.4, < 3.0.0)
      sigdump (~> 0.2.2)
      strptime (>= 0.2.2, < 1.0.0)
      tzinfo (~> 2.0)
      tzinfo-data (~> 1.0)
      yajl-ruby (~> 1.0)
    hitimes (1.3.1)
    http_parser.rb (0.6.0)
    httpclient (2.8.3)
    ltsv (0.1.2)
    msgpack (1.3.1)
    msgpack-rpc-over-http (0.1.0)
      celluloid (~> 0.16.0)
      httpclient
      msgpack (>= 0.5.11)
      rack
    norikra-client (1.5.0)
      ltsv
      msgpack-rpc-over-http (~> 0.1.0)
      thor
    oj (3.9.1)
    rack (1.6.12)
    serverengine (2.1.1)
      sigdump (~> 0.2.2)
    sigdump (0.2.4)
    strptime (0.2.3)
    thor (0.20.3)
    timers (4.0.4)
      hitimes
    tzinfo (2.0.0)
      concurrent-ruby (~> 1.0)
    tzinfo-data (1.2019.3)
      tzinfo (>= 1.0.0)
    yajl-ruby (1.4.1)

PLATFORMS
  ruby

DEPENDENCIES
  fluent-plugin-insert-id
  fluent-plugin-norikra
  fluentd
  oj

BUNDLED WITH
   2.0.2
